GEM
  remote: https://rubygems.org/
  specs:
    mime-types (1.19)
    nokogiri (1.5.6)
    rack (1.4.4)
    rack-protection (1.3.2)
      rack
    rbovirt (0.0.16)
      nokogiri
      rest-client
    rest-client (1.6.7)
      mime-types (>= 1.16)
    sinatra (1.3.3)
      rack (~> 1.3, >= 1.3.6)
      rack-protection (~> 1.2)
      tilt (~> 1.3, >= 1.3.3)
    tilt (1.3.3)

PLATFORMS
  ruby

DEPENDENCIES
  nokogiri
  rbovirt
  sinatra
